GIT
  remote: https://github.com/everypolitician/everypolitician-ruby.git
  revision: fca557a65ca09ae9da105d8bff53e97e3ebcfdc1
  specs:
    everypolitician (0.18.0)
      everypolitician-popolo

GIT
  remote: https://github.com/everypolitician/wikidata-area.git
  revision: 88fff4c1f27229be74635dda4b92b3757a6a3238
  specs:
    wikidata-area (0.1.0)

GIT
  remote: https://github.com/everypolitician/wikidata-fetcher.git
  revision: c637425ac87826c8c1cd63063ab983e78d6eda97
  specs:
    wikidata-fetcher (0.19.0)
      colorize
      diskcached
      json
      mediawiki_api
      nokogiri
      require_all
      rest-client
      scraperwiki
      wikidata-client (~> 0.0.7)

GIT
  remote: https://github.com/everypolitician/wikisnakker.git
  revision: cc55a4f45290c8ad86dc3e2a41ea678e02e3dd94
  specs:
    wikisnakker (0.7.0)

GIT
  remote: https://github.com/openaustralia/scraperwiki-ruby.git
  revision: fc50176812505e463077d5c673d504a6a234aa78
  branch: morph_defaults
  specs:
    scraperwiki (3.0.1)
      httpclient
      sqlite_magic

GEM
  remote: https://rubygems.org/
  specs:
    ast (2.3.0)
    coderay (1.1.0)
    colorize (0.8.1)
    diskcached (1.1.2)
    domain_name (0.5.20161129)
      unf (>= 0.0.5, < 1.0.0)
    everypolitician-popolo (0.6.1)
    excon (0.54.0)
    faraday (0.10.0)
      multipart-post (>= 1.2, < 3)
    faraday-cookie_jar (0.0.6)
      faraday (>= 0.7.4)
      http-cookie (~> 1.0.0)
    faraday_middleware (0.10.1)
      faraday (>= 0.7.4, < 1.0)
    hashie (3.4.6)
    http-cookie (1.0.3)
      domain_name (~> 0.5)
    httpclient (2.6.0.1)
    json (2.0.2)
    mediawiki_api (0.7.0)
      faraday (~> 0.9, >= 0.9.0)
      faraday-cookie_jar (~> 0.0, >= 0.0.6)
      faraday_middleware (~> 0.10, >= 0.10.0)
    method_source (0.8.2)
    mime-types (3.1)
      mime-types-data (~> 3.2015)
    mime-types-data (3.2016.0521)
    mini_portile2 (2.1.0)
    multipart-post (2.0.0)
    netrc (0.11.0)
    nokogiri (1.6.8.1)
      mini_portile2 (~> 2.1.0)
    parser (2.3.3.1)
      ast (~> 2.2)
    powerpack (0.1.1)
    pry (0.10.1)
      coderay (~> 1.1.0)
      method_source (~> 0.8.1)
      slop (~> 3.4)
    rainbow (2.1.0)
    rake (12.0.0)
    require_all (1.3.3)
    rest-client (2.0.0)
      http-cookie (>= 1.0.2, < 2.0)
      mime-types (>= 1.16, < 4.0)
      netrc (~> 0.8)
    rubocop (0.46.0)
      parser (>= 2.3.1.1, < 3.0)
      powerpack (~> 0.1)
      rainbow (>= 1.99.1, < 3.0)
      ruby-progressbar (~> 1.7)
      unicode-display_width (~> 1.0, >= 1.0.1)
    ruby-progressbar (1.8.1)
    slop (3.6.0)
    sqlite3 (1.3.10)
    sqlite_magic (0.0.3)
      sqlite3
    unf (0.1.4)
      unf_ext
    unf_ext (0.0.7.2)
    unicode-display_width (1.1.2)
    wikidata-client (0.0.10)
      excon (~> 0.40)
      faraday (~> 0.9)
      faraday_middleware (~> 0.9)
      hashie (~> 3.3)

PLATFORMS
  ruby

DEPENDENCIES
  everypolitician!
  pry
  rake
  rubocop
  scraperwiki!
  wikidata-area!
  wikidata-fetcher (>= 0.19.0)!
  wikisnakker!

RUBY VERSION
   ruby 2.3.3p222

BUNDLED WITH
   1.13.6
